GIT
  remote: git://github.com/collectiveidea/delayed_job_mongoid.git
  revision: 14c73bb584358838339ad9a7b50065279437be77
  specs:
    delayed_job_mongoid (2.0.0)
      delayed_job (>= 3.0, < 5)
      mongoid (>= 3.0, < 5)

GEM
  remote: https://rubygems.org/
  specs:
    actionmailer (3.2.16)
      actionpack (= 3.2.16)
      mail (~> 2.5.4)
    actionpack (3.2.16)
      activemodel (= 3.2.16)
      activesupport (= 3.2.16)
      builder (~> 3.0.0)
      erubis (~> 2.7.0)
      journey (~> 1.0.4)
      rack (~> 1.4.5)
      rack-cache (~> 1.2)
      rack-test (~> 0.6.1)
      sprockets (~> 2.2.1)
    active_utils (2.0.2)
      activesupport (>= 2.3.11)
      i18n
    activemerchant (1.42.9)
      active_utils (~> 2.0, >= 2.0.1)
      activesupport (>= 2.3.14, < 5.0.0)
      builder (>= 2.1.2, < 4.0.0)
      i18n (~> 0.5)
      json (~> 1.7)
      money (< 7.0.0)
      nokogiri (~> 1.4)
    activemodel (3.2.16)
      activesupport (= 3.2.16)
      builder (~> 3.0.0)
    activerecord (3.2.16)
      activemodel (= 3.2.16)
      activesupport (= 3.2.16)
      arel (~> 3.0.2)
      tzinfo (~> 0.3.29)
    activeresource (3.2.16)
      activemodel (= 3.2.16)
      activesupport (= 3.2.16)
    activesupport (3.2.16)
      i18n (~> 0.6, >= 0.6.4)
      multi_json (~> 1.0)
    addressable (2.3.6)
    airbrake (3.1.16)
      builder
      multi_json
    arel (3.0.3)
    asset_sync (1.0.0)
      activemodel
      fog (>= 1.8.0)
    aws-sdk (1.38.0)
      json (~> 1.4)
      nokogiri (>= 1.4.4)
      uuidtools (~> 2.1)
    bcrypt (3.1.7)
    better_errors (1.1.0)
      coderay (>= 1.0.0)
      erubis (>= 2.6.6)
    binding_of_caller (0.7.2)
      debug_inspector (>= 0.0.1)
    bson (1.10.0)
    bson_ext (1.10.0)
      bson (~> 1.10.0)
    buftok (0.2.0)
    builder (3.0.4)
    callsite (0.0.11)
    cancan (1.6.10)
    capybara (2.2.1)
      mime-types (>= 1.16)
      nokogiri (>= 1.3.3)
      rack (>= 1.0.0)
      rack-test (>= 0.5.4)
      xpath (~> 2.0)
    carrierwave (0.10.0)
      activemodel (>= 3.2.0)
      activesupport (>= 3.2.0)
      json (>= 1.7)
      mime-types (>= 1.16)
    chronic (0.10.2)
    chronic_duration (0.10.4)
      numerizer (~> 0.1.1)
    chunky_png (1.3.0)
    climate_control (0.0.3)
      activesupport (>= 3.0)
    cliver (0.3.2)
    cocaine (0.5.4)
      climate_control (>= 0.0.3, < 1.0)
    coderay (1.1.0)
    coffee-rails (3.2.2)
      coffee-script (>= 2.2.0)
      railties (~> 3.2.0)
    coffee-script (2.2.0)
      coffee-script-source
      execjs
    coffee-script-source (1.7.0)
    compass (0.12.5)
      chunky_png (~> 1.2)
      fssm (>= 0.2.7)
      sass (~> 3.2.19)
    compass-rails (1.1.7)
      compass (>= 0.12.2)
      sprockets (<= 2.11.0)
    connection_pool (1.2.0)
    crack (0.4.2)
      safe_yaml (~> 1.0.0)
    css_parser (1.3.5)
      addressable
    dalli (2.7.0)
    database_cleaner (1.2.0)
    debug_inspector (0.0.2)
    delayed-plugins-airbrake (1.1.0)
      airbrake
      delayed_job
    delayed_job (4.0.1)
      activesupport (>= 3.0, < 4.2)
    devise (3.2.4)
      bcrypt (~> 3.0)
      orm_adapter (~> 0.1)
      railties (>= 3.2.6, < 5)
      thread_safe (~> 0.1)
      warden (~> 1.2.3)
    diff-lcs (1.2.5)
    dotenv (0.10.0)
    equalizer (0.0.9)
    erubis (2.7.0)
    excon (0.33.0)
    execjs (2.0.2)
    factory_girl (4.4.0)
      activesupport (>= 3.0.0)
    factory_girl_rails (4.4.1)
      factory_girl (~> 4.4.0)
      railties (>= 3.0.0)
    faraday (0.9.0)
      multipart-post (>= 1.2, < 3)
    fog (1.21.0)
      fog-brightbox
      fog-core (~> 1.21, >= 1.21.1)
      fog-json
      nokogiri (~> 1.5, >= 1.5.11)
    fog-brightbox (0.0.2)
      fog-core
      fog-json
    fog-core (1.21.1)
      builder
      excon (~> 0.32)
      formatador (~> 0.2.0)
      mime-types
      net-scp (~> 1.1)
      net-ssh (>= 2.1.3)
    fog-json (1.0.0)
      multi_json (~> 1.0)
    font-awesome-rails (4.0.3.1)
      railties (>= 3.2, < 5.0)
    foreman (0.63.0)
      dotenv (>= 0.7)
      thor (>= 0.13.6)
    formatador (0.2.4)
    fssm (0.2.10)
    geocoder (1.1.9)
    girl_friday (0.11.2)
      connection_pool (~> 1.0)
      rubinius-actor
    haml (4.0.5)
      tilt
    haml-rails (0.4)
      actionpack (>= 3.1, < 4.1)
      activesupport (>= 3.1, < 4.1)
      haml (>= 3.1, < 4.1)
      railties (>= 3.1, < 4.1)
    has_scope (0.6.0.rc)
      actionpack (>= 3.2, < 5)
      activesupport (>= 3.2, < 5)
    headjs-rails (0.4.2)
      rails (>= 3.0.0)
<<<<<<< HEAD
    heroku (3.6.0)
      heroku-api (~> 0.3.17)
      launchy (>= 0.3.2)
      netrc (~> 0.7.7)
      rest-client (~> 1.6.1)
      rubyzip
    heroku-api (0.3.18)
      excon (~> 0.27)
      multi_json (~> 1.8)
=======
>>>>>>> master
    hike (1.2.3)
    htmlentities (4.3.1)
    http (0.5.0)
      http_parser.rb
    http_parser.rb (0.6.0)
    httparty (0.13.1)
      json (~> 1.8)
      multi_xml (>= 0.5.2)
    i18n (0.6.9)
    inherited_resources (1.4.1)
      has_scope (~> 0.6.0.rc)
      responders (~> 1.0.0.rc)
    intercom (0.2.3)
      json
    intercom-rails (0.2.24)
      activesupport (> 3.0)
    jobbr (1.1.5)
      chronic_duration
      delayed_job_mongoid
      haml
      mongoid
      rails
      whenever
    journey (1.0.4)
    jquery-fileupload-rails (0.4.1)
      actionpack (>= 3.1)
      railties (>= 3.1)
    jquery-rails (2.1.4)
      railties (>= 3.0, < 5.0)
      thor (>= 0.14, < 2.0)
    json (1.8.1)
    kaminari (0.15.1)
      actionpack (>= 3.0.0)
      activesupport (>= 3.0.0)
<<<<<<< HEAD
    kgio (2.9.2)
    launchy (2.4.2)
      addressable (~> 2.3)
=======
    kgio (2.8.1)
>>>>>>> master
    lorem (0.1.2)
    mail (2.5.4)
      mime-types (~> 1.16)
      treetop (~> 1.4.8)
    mailchimp-api (2.0.4)
      excon (>= 0.16.0)
      json (>= 1.7.7)
    memoizable (0.4.2)
      thread_safe (~> 0.3, >= 0.3.1)
    meta_request (0.2.9)
      callsite
      rack-contrib
      railties
    method_source (0.8.2)
    mime-types (1.25.1)
    mini_portile (0.5.3)
    money (6.1.1)
      i18n (~> 0.6.4)
    mongoid (3.1.6)
      activemodel (~> 3.2)
      moped (~> 1.4)
      origin (~> 1.0)
      tzinfo (~> 0.3.29)
    mongoid-paperclip (0.0.9)
      paperclip (>= 2.3.6)
    mongoid_rails_migrations (1.0.1)
      activesupport (>= 3.2.0)
      bundler (>= 1.0.0)
      rails (>= 3.2.0)
      railties (>= 3.2.0)
    mongoid_slug (3.2.1)
      mongoid (> 3.0)
      stringex (~> 2.0)
    moped (1.5.2)
    multi_json (1.9.2)
    multi_xml (0.5.5)
    multipart-post (2.0.0)
    naught (1.0.0)
    net-scp (1.2.0)
      net-ssh (>= 2.6.5)
    net-ssh (2.8.0)
<<<<<<< HEAD
    netrc (0.7.7)
    newrelic_rpm (3.7.3.204)
    nokogiri (1.6.1)
=======
    newrelic_rpm (3.7.0.177)
    nokogiri (1.6.0)
>>>>>>> master
      mini_portile (~> 0.5.0)
    numerizer (0.1.1)
    origin (1.1.0)
    orm_adapter (0.5.0)
    paperclip (4.1.1)
      activemodel (>= 3.0.0)
      activesupport (>= 3.0.0)
      cocaine (~> 0.5.3)
      mime-types
    poltergeist (1.5.0)
      capybara (~> 2.1)
      cliver (~> 0.3.1)
      multi_json (~> 1.0)
      websocket-driver (>= 0.2.0)
    polyglot (0.3.4)
    premailer (1.8.2)
      css_parser (>= 1.3.5)
      htmlentities (>= 4.0.0)
    premailer-rails (1.7.0)
      actionmailer (>= 3, < 5)
      premailer (~> 1.7, >= 1.7.9)
    pry (0.9.12.6)
      coderay (~> 1.0)
      method_source (~> 0.8)
      slop (~> 3.4)
    pry-rails (0.3.2)
      pry (>= 0.9.10)
    quiet_assets (1.0.2)
      railties (>= 3.1, < 5.0)
    rack (1.4.5)
    rack-cache (1.2)
      rack (>= 0.4)
    rack-contrib (1.1.0)
      rack (>= 0.9.1)
    rack-ssl (1.3.4)
      rack
    rack-test (0.6.2)
      rack (>= 1.0)
    rails (3.2.16)
      actionmailer (= 3.2.16)
      actionpack (= 3.2.16)
      activerecord (= 3.2.16)
      activeresource (= 3.2.16)
      activesupport (= 3.2.16)
      bundler (~> 1.0)
      railties (= 3.2.16)
    rails_autolink (1.1.5)
      rails (> 3.1)
    railties (3.2.16)
      actionpack (= 3.2.16)
      activesupport (= 3.2.16)
      rack-ssl (~> 1.3.2)
      rake (>= 0.8.7)
      rdoc (~> 3.4)
      thor (>= 0.14.6, < 2.0)
    raindrops (0.13.0)
    rake (10.3.0)
    rdoc (3.12.2)
      json (~> 1.4)
    redcarpet (3.1.1)
    responders (1.0.0)
      railties (>= 3.2, < 5)
    rest-client (1.6.7)
      mime-types (>= 1.16)
    reverse_markdown (0.5.1)
      nokogiri
    rmagick (2.13.2)
    rspec-core (2.14.8)
    rspec-expectations (2.14.5)
      diff-lcs (>= 1.1.3, < 2.0)
    rspec-mocks (2.14.6)
    rspec-rails (2.14.2)
      actionpack (>= 3.0)
      activemodel (>= 3.0)
      activesupport (>= 3.0)
      railties (>= 3.0)
      rspec-core (~> 2.14.0)
      rspec-expectations (~> 2.14.0)
      rspec-mocks (~> 2.14.0)
    rubinius-actor (0.0.2)
      rubinius-core-api
    rubinius-core-api (0.0.1)
<<<<<<< HEAD
    rubyzip (1.1.3)
    s3_direct_upload (0.1.7)
      coffee-rails (>= 3.1)
=======
    ruby-hmac (0.4.0)
    s3_direct_upload (0.1.6)
      coffee-rails (>= 3.2.1)
>>>>>>> master
      jquery-fileupload-rails (~> 0.4.1)
      rails (>= 3.1)
      sass-rails (>= 3.1)
    safe_yaml (1.0.2)
    sanitize (2.1.0)
      nokogiri (>= 1.4.4)
    sass (3.2.19)
    sass-rails (3.2.6)
      railties (~> 3.2.0)
      sass (>= 3.1.10)
      tilt (~> 1.3)
    sequel (3.20.0)
    simple_form (2.1.1)
      actionpack (~> 3.0)
      activemodel (~> 3.0)
    simple_oauth (0.2.0)
    sinatra (1.0)
      rack (>= 1.0)
    sitemap_generator (5.0.2)
      builder
    slop (3.5.0)
    sprockets (2.2.2)
      hike (~> 1.2)
      multi_json (~> 1.0)
      rack (~> 1.0)
      tilt (~> 1.1, != 1.3.0)
    sprockets-image_compressor (0.2.3)
      sprockets
    state_machine (1.2.0)
    stringex (2.5.2)
    susy (1.0.9)
      compass (>= 0.12.2)
      sass (>= 3.2.0)
    swish (0.8.1)
      crack (>= 0.1.8)
      httparty (>= 0.6.1)
    taps (0.3.24)
      rack (>= 1.0.1)
      rest-client (>= 1.4.0, < 1.7.0)
      sequel (~> 3.20.0)
      sinatra (~> 1.0.0)
    thor (0.19.1)
    thread_safe (0.3.3)
    tilt (1.4.1)
    treetop (1.4.15)
      polyglot
      polyglot (>= 0.3.1)
    turbo-sprockets-rails3 (0.3.11)
      railties (> 3.2.8, < 4.0.0)
      sprockets (>= 2.2.0)
    turbolinks (2.2.2)
      coffee-rails
    twitter (5.8.0)
      addressable (~> 2.3)
      buftok (~> 0.2.0)
      equalizer (~> 0.0.9)
      faraday (~> 0.9.0)
      http (~> 0.5.0)
      http_parser.rb (~> 0.6.0)
      json (~> 1.8)
      memoizable (~> 0.4.0)
      naught (~> 1.0)
      simple_oauth (~> 0.2.0)
    tzinfo (0.3.39)
    uglifier (2.5.0)
      execjs (>= 0.3.0)
      json (>= 1.8.0)
    unicorn (4.8.2)
      kgio (~> 2.6)
      rack
      raindrops (~> 0.7)
    uuidtools (2.1.4)
    vero (0.6.0)
      girl_friday (>= 0.11.2)
      json
      rest-client
    warden (1.2.3)
      rack (>= 1.0)
    websocket-driver (0.3.2)
    whenever (0.9.2)
      activesupport (>= 2.3.4)
      chronic (>= 0.6.3)
    xpath (2.0.0)
      nokogiri (~> 1.3)
    zeroclipboard-rails (0.0.12)
      railties (>= 3.1)

PLATFORMS
  ruby

DEPENDENCIES
  activemerchant
  airbrake
  asset_sync
  aws-sdk
  better_errors
  binding_of_caller
  bson_ext
  cancan
  capybara
  carrierwave
  chronic_duration
  coffee-rails
  compass-rails
  dalli
  database_cleaner
  delayed-plugins-airbrake
  delayed_job
  delayed_job_mongoid!
  devise
  factory_girl_rails
  font-awesome-rails
  foreman
  geocoder
  haml-rails
  headjs-rails
  inherited_resources
  intercom
  intercom-rails
  jobbr (= 1.1.5)
  jquery-rails (= 2.1.4)
  kaminari
  lorem
  mailchimp-api
  meta_request
  mongoid
  mongoid-paperclip
  mongoid_rails_migrations
  mongoid_slug
  newrelic_rpm
  paperclip
  poltergeist
  premailer-rails
  pry-rails
  quiet_assets
  rails (= 3.2.16)
  rails_autolink
  redcarpet
  reverse_markdown
  rmagick
  rspec-rails
  s3_direct_upload
  sanitize
  sass-rails
  simple_form
  sitemap_generator
  sprockets-image_compressor
  state_machine
  susy
  swish
  taps
  turbo-sprockets-rails3
  turbolinks
  twitter
  uglifier
  unicorn
  vero
  zeroclipboard-rails
